GEM
  remote: https://rubygems.org/
  specs:
    httparty (0.15.5)
      multi_xml (>= 0.5.2)
    mini_portile2 (2.2.0)
    multi_xml (0.6.0)
    nokogiri (1.8.0)
      mini_portile2 (~> 2.2.0)

PLATFORMS
  ruby

DEPENDENCIES
  httparty
  nokogiri

RUBY VERSION
   ruby 2.2.5p319

BUNDLED WITH
   1.13.2
